GEM
  remote: http://rubygems.org/
  specs:
    diff-lcs (1.2.1)
    hoe (3.5.1)
      rake (>= 0.8, < 11.0)
    nokogiri (1.3.3)
      hoe (>= 2.3.2)
      racc
      rake-compiler
      rexical
    racc (1.4.9)
    rake (10.0.3)
    rake-compiler (0.8.3)
      rake
    rexical (1.0.5)
    rspec (2.13.0)
      rspec-core (~> 2.13.0)
      rspec-expectations (~> 2.13.0)
      rspec-mocks (~> 2.13.0)
    rspec-core (2.13.0)
    rspec-expectations (2.13.0)
      diff-lcs (>= 1.1.3, < 2.0)
    rspec-mocks (2.13.0)

PLATFORMS
  ruby

DEPENDENCIES
  nokogiri (= 1.3.3)
  rspec
